GEM
  remote: https://rubygems.org/
  specs:
    activesupport (5.0.0.1)
      concurrent-ruby (~> 1.0, >= 1.0.2)
      i18n (~> 0.7)
      minitest (~> 5.1)
      tzinfo (~> 1.1)
    addressable (2.4.0)
    adsf (1.2.1)
      rack (>= 1.0.0)
    coderay (1.1.1)
    colored (1.2)
    concurrent-ruby (1.0.2)
    cri (2.7.0)
      colored (~> 1.2)
    ethon (0.9.1)
      ffi (>= 1.3.0)
    ffi (1.9.14)
    formatador (0.2.5)
    fssm (0.2.10)
    guard (2.14.0)
      formatador (>= 0.2.4)
      listen (>= 2.7, < 4.0)
      lumberjack (~> 1.0)
      nenv (~> 0.1)
      notiffany (~> 0.0)
      pry (>= 0.9.12)
      shellany (~> 0.0)
      thor (>= 0.18.1)
    guard-compat (1.2.1)
    guard-nanoc (2.1.0)
      guard (~> 2.8)
      guard-compat (~> 1.0)
      nanoc (~> 4.0)
    hamster (3.0.0)
      concurrent-ruby (~> 1.0)
    html-proofer (3.3.0)
      activesupport (>= 4.2, < 6.0)
      addressable (~> 2.3)
      colored (~> 1.2)
      mercenary (~> 0.3.2)
      nokogiri (~> 1.5)
      parallel (~> 1.3)
      typhoeus (~> 0.7)
      yell (~> 2.0)
    i18n (0.7.0)
    kramdown (1.12.0)
    listen (3.1.5)
      rb-fsevent (~> 0.9, >= 0.9.4)
      rb-inotify (~> 0.9, >= 0.9.7)
      ruby_dep (~> 1.2)
    lumberjack (1.0.10)
    mercenary (0.3.6)
    method_source (0.8.2)
    mini_portile2 (2.1.0)
    minitest (5.9.1)
    nanoc (4.3.5)
      cri (~> 2.3)
      hamster (~> 3.0)
      ref (~> 2.0)
    nenv (0.3.0)
    nokogiri (1.6.8.1)
      mini_portile2 (~> 2.1.0)
    notiffany (0.1.1)
      nenv (~> 0.1)
      shellany (~> 0.0)
    parallel (1.9.0)
    pry (0.10.4)
      coderay (~> 1.1.0)
      method_source (~> 0.8.1)
      slop (~> 3.4)
    rack (2.0.1)
    rb-fsevent (0.9.7)
    rb-inotify (0.9.7)
      ffi (>= 0.5.0)
    ref (2.0.0)
    ruby_dep (1.5.0)
    shellany (0.0.1)
    slop (3.6.0)
    thor (0.19.1)
    thread_safe (0.3.5)
    typhoeus (0.8.0)
      ethon (>= 0.8.0)
    tzinfo (1.2.2)
      thread_safe (~> 0.1)
    yajl-ruby (1.3.1)
    yell (2.0.6)

PLATFORMS
  ruby

DEPENDENCIES
  adsf
  fssm
  guard-nanoc
  html-proofer
  kramdown (~> 1.6)
  nanoc (~> 4.0)
  yajl-ruby (~> 1.2)

RUBY VERSION
   ruby 2.3.1p112

BUNDLED WITH
   1.16.0
